GEM
  remote: http://rubygems.org/
  specs:
    bubble-wrap (1.1.4)
    rake (0.9.6)

PLATFORMS
  ruby

DEPENDENCIES
  bubble-wrap (~> 1.1.4)
  rake (~> 0.9.6)
